GEM
  remote: http://rubygems.org/
  specs:
    addressable (2.7.0)
      public_suffix (>= 2.0.2, < 5.0)
    aspera-cli (4.0.0.pre2)
      execjs (~> 2.0)
      jwt (~> 2.0)
      mimemagic (~> 0.3)
      net-ssh (~> 4.0)
      ruby-progressbar (~> 1.0)
      rubyzip (~> 2.0)
      terminal-table (~> 1.8)
      tty-spinner (~> 0.9)
      xml-simple (~> 1.0)
    byebug (11.1.3)
    coderay (1.1.3)
    crack (0.4.4)
    debase (0.2.4.1)
      debase-ruby_core_source (>= 0.10.2)
    debase-ruby_core_source (0.10.11)
    diff-lcs (1.4.4)
    docile (1.3.4)
    execjs (2.7.0)
    hashdiff (1.0.1)
    jwt (2.2.2)
    method_source (1.0.0)
    mimemagic (0.3.5)
    mini_portile2 (2.4.0)
    multipart-post (2.1.1)
    net-ssh (4.2.0)
    nokogiri (1.10.10)
      mini_portile2 (~> 2.4.0)
    pry (0.13.1)
      coderay (~> 1.1)
      method_source (~> 1.0)
    pry-byebug (3.9.0)
      byebug (~> 11.0)
      pry (~> 0.13.0)
    public_suffix (4.0.6)
    rack (2.2.3)
    rack-test (1.1.0)
      rack (>= 1.0, < 3)
    rollbar (3.1.1)
    rspec (3.10.0)
      rspec-core (~> 3.10.0)
      rspec-expectations (~> 3.10.0)
      rspec-mocks (~> 3.10.0)
    rspec-core (3.10.0)
      rspec-support (~> 3.10.0)
    rspec-expectations (3.10.0)
      diff-lcs (>= 1.2.0, < 2.0)
      rspec-support (~> 3.10.0)
    rspec-mocks (3.10.0)
      diff-lcs (>= 1.2.0, < 2.0)
      rspec-support (~> 3.10.0)
    rspec-support (3.10.0)
    ruby-progressbar (1.11.0)
    rubyzip (2.3.0)
    simplecov (0.20.0)
      docile (~> 1.1)
      simplecov-html (~> 0.11)
      simplecov_json_formatter (~> 0.1)
    simplecov-html (0.12.3)
    simplecov_json_formatter (0.1.2)
    terminal-table (1.8.0)
      unicode-display_width (~> 1.1, >= 1.1.1)
    timecop (0.9.2)
    tty-cursor (0.7.1)
    tty-spinner (0.9.3)
      tty-cursor (~> 0.7)
    unicode-display_width (1.7.0)
    vcr (6.0.0)
    webmock (3.11.0)
      addressable (>= 2.3.6)
      crack (>= 0.3.2)
      hashdiff (>= 0.4.0, < 2.0.0)
    xml-simple (1.1.8)

PLATFORMS
  ruby

DEPENDENCIES
  aspera-cli
  debase
  jwt
  multipart-post
  nokogiri
  pry
  pry-byebug
  rack
  rack-test
  rollbar
  rspec
  simplecov
  timecop
  vcr
  webmock

RUBY VERSION
   ruby 2.5.7p206

BUNDLED WITH
   2.2.7
