PATH
  remote: /etna
  specs:
    etna (0.1.39)
      concurrent-ruby
      jwt
      multipart-post
      net-sftp (>= 3.0.0)
      nokogiri
      rack
      rollbar

GEM
  remote: https://rubygems.org/
  specs:
    activesupport (6.0.3.2)
      concurrent-ruby (~> 1.0, >= 1.0.2)
      i18n (>= 0.7, < 2)
      minitest (~> 5.1)
      tzinfo (~> 1.1)
      zeitwerk (~> 2.2, >= 2.2.2)
    addressable (2.7.0)
      public_suffix (>= 2.0.2, < 5.0)
    byebug (11.1.3)
    coderay (1.1.3)
    concurrent-ruby (1.1.8)
    crack (0.4.3)
      safe_yaml (~> 1.0.0)
    database_cleaner (1.8.5)
    diff-lcs (1.4.3)
    docile (1.3.2)
    dry-initializer (3.0.4)
    factory_bot (6.0.2)
      activesupport (>= 5.0.0)
    ffi (1.13.1)
    filigree (0.3.3)
    hashdiff (1.0.1)
    i18n (1.8.3)
      concurrent-ruby (~> 1.0)
    json (2.5.1)
    jwt (2.2.3)
    method_source (1.0.0)
    mini_portile2 (2.5.3)
    minitest (5.14.1)
    multipart-post (2.1.1)
    net-sftp (3.0.0)
      net-ssh (>= 5.0.0, < 7.0.0)
    net-ssh (6.1.0)
    nio4r (2.5.4)
    nokogiri (1.11.7)
      mini_portile2 (~> 2.5.0)
      racc (~> 1.4)
    nokogiri (1.11.7-x86_64-linux)
      racc (~> 1.4)
    pg (0.21.0)
    prometheus-client (2.1.0)
    pry (0.13.1)
      coderay (~> 1.1)
      method_source (~> 1.0)
    pry-byebug (3.9.0)
      byebug (~> 11.0)
      pry (~> 0.13.0)
    public_suffix (4.0.5)
    puma (5.0.2)
      nio4r (~> 2.0)
    racc (1.5.2)
    rack (2.2.3)
    rack-test (1.1.0)
      rack (>= 1.0, < 3)
    rltk (3.0.1)
      ffi (>= 1.0.0)
      filigree (>= 0.2.0)
    rollbar (3.2.0)
    rspec (3.9.0)
      rspec-core (~> 3.9.0)
      rspec-expectations (~> 3.9.0)
      rspec-mocks (~> 3.9.0)
    rspec-core (3.9.2)
      rspec-support (~> 3.9.3)
    rspec-expectations (3.9.2)
      diff-lcs (>= 1.2.0, < 2.0)
      rspec-support (~> 3.9.0)
    rspec-mocks (3.9.1)
      diff-lcs (>= 1.2.0, < 2.0)
      rspec-support (~> 3.9.0)
    rspec-support (3.9.3)
    safe_yaml (1.0.5)
    sequel (4.49.0)
    simplecov (0.18.5)
      docile (~> 1.1)
      simplecov-html (~> 0.11)
    simplecov-html (0.12.2)
    thread_safe (0.3.6)
    tzinfo (1.2.7)
      thread_safe (~> 0.1)
    vcr (6.0.0)
    webmock (3.8.3)
      addressable (>= 2.3.6)
      crack (>= 0.3.2)
      hashdiff (>= 0.4.0, < 2.0.0)
    yabeda (0.8.0)
      concurrent-ruby
      dry-initializer
    yabeda-prometheus (0.6.1)
      prometheus-client (>= 0.10, < 3.0)
      rack
      yabeda (~> 0.5)
    yabeda-puma-plugin (0.6.0)
      json
      puma
      yabeda (~> 0.5)
    zeitwerk (2.3.1)

PLATFORMS
  ruby
  x86_64-linux

DEPENDENCIES
  concurrent-ruby
  database_cleaner (= 1.8.5)
  etna!
  factory_bot
  filigree (= 0.3.3)
  pg (~> 0.21)
  pry
  pry-byebug
  puma (= 5.0.2)
  rack-test
  rltk
  rspec
  sequel (= 4.49.0)
  simplecov
  vcr
  webmock
  yabeda
  yabeda-prometheus
  yabeda-puma-plugin

BUNDLED WITH
   2.2.24
