PATH
  remote: /etna
  specs:
    etna (0.1.41)
      concurrent-ruby
      curb
      jwt
      multipart-post
      net-sftp (>= 3.0.0)
      nokogiri
      rack
      rollbar

GEM
  remote: https://rubygems.org/
  specs:
    actionpack (6.1.3)
      actionview (= 6.1.3)
      activesupport (= 6.1.3)
      rack (~> 2.0, >= 2.0.9)
      rack-test (>= 0.6.3)
      rails-dom-testing (~> 2.0)
      rails-html-sanitizer (~> 1.0, >= 1.2.0)
    actionview (6.1.3)
      activesupport (= 6.1.3)
      builder (~> 3.1)
      erubi (~> 1.4)
      rails-dom-testing (~> 2.0)
      rails-html-sanitizer (~> 1.1, >= 1.2.0)
    activesupport (6.1.3)
      concurrent-ruby (~> 1.0, >= 1.0.2)
      i18n (>= 1.6, < 2)
      minitest (>= 5.1)
      tzinfo (~> 2.0)
      zeitwerk (~> 2.3)
    addressable (2.7.0)
      public_suffix (>= 2.0.2, < 5.0)
    aspera-cli (4.1.0)
      execjs (~> 2.0)
      jwt (~> 2.0)
      net-ssh (~> 6.0)
      ruby-progressbar (~> 1.0)
      rubyzip (~> 2.0)
      terminal-table (~> 1.8)
      tty-spinner (~> 0.9)
      websocket (~> 1.2)
      websocket-client-simple (~> 0.3)
      xml-simple (~> 1.0)
    builder (3.2.4)
    byebug (11.1.3)
    coderay (1.1.3)
    concurrent-ruby (1.1.8)
    crack (0.4.5)
      rexml
    crass (1.0.6)
    curb (0.9.11)
    database_cleaner (1.8.5)
    debase (0.2.4.1)
      debase-ruby_core_source (>= 0.10.2)
    debase-ruby_core_source (0.10.12)
    diff-lcs (1.4.4)
    docile (1.3.5)
    dry-initializer (3.0.4)
    erubi (1.10.0)
    event_emitter (0.2.6)
    execjs (2.8.1)
    factory_bot (6.2.0)
      activesupport (>= 5.0.0)
    hashdiff (1.0.1)
    i18n (1.8.9)
      concurrent-ruby (~> 1.0)
    json (2.5.1)
    jwt (2.2.2)
    loofah (2.9.0)
      crass (~> 1.0.2)
      nokogiri (>= 1.5.9)
    method_source (1.0.0)
    mimemagic (0.3.10)
      nokogiri (~> 1)
      rake
    mini_portile2 (2.5.0)
    minitest (5.14.4)
    multipart-post (2.1.1)
    net-sftp (3.0.0)
      net-ssh (>= 5.0.0, < 7.0.0)
    net-ssh (6.1.0)
    nio4r (2.5.7)
    nokogiri (1.11.2)
      mini_portile2 (~> 2.5.0)
      racc (~> 1.4)
    nokogiri (1.11.2-x86_64-linux)
      racc (~> 1.4)
    pg (1.2.3)
    prometheus-client (2.1.0)
    pry (0.14.0)
      coderay (~> 1.1)
      method_source (~> 1.0)
    pry-byebug (3.8.0)
      byebug (~> 11.0)
      pry (~> 0.10)
    public_suffix (4.0.6)
    puma (5.2.2)
      nio4r (~> 2.0)
    racc (1.5.2)
    rack (2.2.3)
    rack-test (1.1.0)
      rack (>= 1.0, < 3)
    rails-dom-testing (2.0.3)
      activesupport (>= 4.2.0)
      nokogiri (>= 1.6)
    rails-html-sanitizer (1.3.0)
      loofah (~> 2.3)
    rake (13.0.3)
    rexml (3.2.4)
    rollbar (3.2.0)
    rspec (3.10.0)
      rspec-core (~> 3.10.0)
      rspec-expectations (~> 3.10.0)
      rspec-mocks (~> 3.10.0)
    rspec-core (3.10.1)
      rspec-support (~> 3.10.0)
    rspec-expectations (3.10.1)
      diff-lcs (>= 1.2.0, < 2.0)
      rspec-support (~> 3.10.0)
    rspec-mocks (3.10.2)
      diff-lcs (>= 1.2.0, < 2.0)
      rspec-support (~> 3.10.0)
    rspec-support (3.10.2)
    rsync (1.0.9)
    ruby-progressbar (1.11.0)
    rubyzip (2.3.2)
    sequel (5.42.0)
    simplecov (0.21.2)
      docile (~> 1.1)
      simplecov-html (~> 0.11)
      simplecov_json_formatter (~> 0.1)
    simplecov-html (0.12.3)
    simplecov_json_formatter (0.1.2)
    terminal-table (1.8.0)
      unicode-display_width (~> 1.1, >= 1.1.1)
    timecop (0.9.4)
    tty-cursor (0.7.1)
    tty-spinner (0.9.3)
      tty-cursor (~> 0.7)
    tzinfo (2.0.4)
      concurrent-ruby (~> 1.0)
    unicode-display_width (1.7.0)
    vcr (6.0.0)
    webmock (3.12.2)
      addressable (>= 2.3.6)
      crack (>= 0.3.2)
      hashdiff (>= 0.4.0, < 2.0.0)
    websocket (1.2.9)
    websocket-client-simple (0.3.0)
      event_emitter
      websocket
    xml-simple (1.1.8)
    yabeda (0.8.0)
      concurrent-ruby
      dry-initializer
    yabeda-prometheus (0.6.1)
      prometheus-client (>= 0.10, < 3.0)
      rack
      yabeda (~> 0.5)
    yabeda-puma-plugin (0.6.0)
      json
      puma
      yabeda (~> 0.5)
    zeitwerk (2.4.2)

PLATFORMS
  ruby
  x86_64-linux

DEPENDENCIES
  actionpack
  aspera-cli (>= 4.1.0)
  concurrent-ruby
  database_cleaner (= 1.8.5)
  debase
  etna!
  factory_bot
  mimemagic (~> 0.3.10)
  pg
  pry
  pry-byebug
  puma (>= 5.0.2)
  rack
  rack-test
  rake
  rspec
  rsync (~> 1.0, >= 1.0.9)
  sequel
  simplecov
  timecop
  vcr
  webmock
  yabeda
  yabeda-prometheus
  yabeda-puma-plugin

BUNDLED WITH
   2.2.24
